PATH
  remote: .
  specs:
    music_today_api_wrapper (12.15)
      bundler (>= 1.10.6)
      json (~> 1.8, >= 1.8.3)
      rake (>= 10.4.2)

GEM
  remote: https://rubygems.org/
  specs:
    abstract_type (0.0.7)
    adamantium (0.2.0)
      ice_nine (~> 0.11.0)
      memoizable (~> 0.4.0)
    ast (2.1.0)
    astrolabe (1.3.1)
      parser (~> 2.2)
    axiom-types (0.1.1)
      descendants_tracker (~> 0.0.4)
      ice_nine (~> 0.11.0)
      thread_safe (~> 0.3, >= 0.3.1)
    byebug (8.2.1)
    codeclimate-engine-rb (0.1.0)
      virtus (~> 1.0)
    coercible (1.0.0)
      descendants_tracker (~> 0.0.1)
    concord (0.1.5)
      adamantium (~> 0.2.0)
      equalizer (~> 0.0.9)
    descendants_tracker (0.0.4)
      thread_safe (~> 0.3, >= 0.3.1)
    diff-lcs (1.2.5)
    dotenv (2.0.2)
    equalizer (0.0.11)
    ice_nine (0.11.1)
    json (1.8.3)
    memoizable (0.4.2)
      thread_safe (~> 0.3, >= 0.3.1)
    parser (2.2.3.0)
      ast (>= 1.1, < 3.0)
    powerpack (0.1.1)
    private_attr (1.1.0)
    procto (0.0.2)
    rainbow (2.0.0)
    rake (10.4.2)
    reek (3.7.1)
      codeclimate-engine-rb (~> 0.1.0)
      parser (~> 2.2, >= 2.2.2.5)
      private_attr (~> 1.1)
      rainbow (~> 2.0)
      unparser (~> 0.2.2)
    rspec (3.4.0)
      rspec-core (~> 3.4.0)
      rspec-expectations (~> 3.4.0)
      rspec-mocks (~> 3.4.0)
    rspec-core (3.4.1)
      rspec-support (~> 3.4.0)
    rspec-expectations (3.4.0)
      diff-lcs (>= 1.2.0, < 2.0)
      rspec-support (~> 3.4.0)
    rspec-mocks (3.4.0)
      diff-lcs (>= 1.2.0, < 2.0)
      rspec-support (~> 3.4.0)
    rspec-support (3.4.1)
    rubocop (0.35.1)
      astrolabe (~> 1.3)
      parser (>= 2.2.3.0, < 3.0)
      powerpack (~> 0.1)
      rainbow (>= 1.99.1, < 3.0)
      ruby-progressbar (~> 1.7)
      tins (<= 1.6.0)
    ruby-progressbar (1.7.5)
    spork (0.9.2)
    thread_safe (0.3.5)
    tins (1.6.0)
    unparser (0.2.4)
      abstract_type (~> 0.0.7)
      adamantium (~> 0.2.0)
      concord (~> 0.1.5)
      diff-lcs (~> 1.2.5)
      equalizer (~> 0.0.9)
      parser (~> 2.2.2)
      procto (~> 0.0.2)
    virtus (1.0.5)
      axiom-types (~> 0.1)
      coercible (~> 1.0)
      descendants_tracker (~> 0.0, >= 0.0.3)
      equalizer (~> 0.0, >= 0.0.9)

PLATFORMS
  ruby

DEPENDENCIES
  byebug (~> 8.0)
  dotenv (~> 2.0, >= 2.0.2)
  music_today_api_wrapper!
  reek (~> 3.7, >= 3.7.1)
  rspec (~> 3.3)
  rubocop (~> 0.35.1)
  spork (~> 0.9.2)

BUNDLED WITH
   1.10.6
